GIT
  remote: https://github.com/hanami/assets.git
  revision: 94c9c223c8f66c15611c040b79247d0d6dbad001
  branch: develop
  specs:
    hanami-assets (1.2.0.beta1)
      hanami-helpers (= 1.2.0.beta1)
      hanami-utils (= 1.2.0.beta1)
      tilt (~> 2.0, >= 2.0.2)

GIT
  remote: https://github.com/hanami/cli.git
  revision: e7aba897325cc27e8b0641c91579aa5540b9a3d6
  branch: develop
  specs:
    hanami-cli (0.2.0.beta1)
      concurrent-ruby (~> 1.0)
      hanami-utils (= 1.2.0.beta1)

GIT
  remote: https://github.com/hanami/controller.git
  revision: 4a210a9980cfd80650d4437b0b3604ed4f296758
  branch: develop
  specs:
    hanami-controller (1.2.0.beta1)
      hanami-utils (= 1.2.0.beta1)
      rack (~> 2.0)

GIT
  remote: https://github.com/hanami/hanami.git
  revision: 61474ea6c5fb1e1489fa68369debb387bb08a1f0
  branch: feature/early-hints
  specs:
    hanami (1.2.0.beta1)
      bundler
      concurrent-ruby (~> 1.0)
      hanami-assets (= 1.2.0.beta1)
      hanami-cli (= 0.2.0.beta1)
      hanami-controller (= 1.2.0.beta1)
      hanami-helpers (= 1.2.0.beta1)
      hanami-mailer (= 1.2.0.beta1)
      hanami-router (= 1.2.0.beta1)
      hanami-utils (= 1.2.0.beta1)
      hanami-validations (= 1.2.0.beta1)
      hanami-view (= 1.2.0.beta1)

GIT
  remote: https://github.com/hanami/helpers.git
  revision: 7eebe7ee3c35b7ff6ef64a35fa5fa097af56e97f
  branch: develop
  specs:
    hanami-helpers (1.2.0.beta1)
      hanami-utils (= 1.2.0.beta1)

GIT
  remote: https://github.com/hanami/mailer.git
  revision: 214fc637a5b553bab9d2baf3455ee3a31a221fef
  branch: develop
  specs:
    hanami-mailer (1.2.0.beta1)
      hanami-utils (= 1.2.0.beta1)
      mail (~> 2.6)
      tilt (~> 2.0, >= 2.0.1)

GIT
  remote: https://github.com/hanami/model.git
  revision: 71c90320d692f8ab395c1923c7ff2f44074a5745
  branch: develop
  specs:
    hanami-model (1.2.0.beta1)
      concurrent-ruby (~> 1.0)
      dry-types (~> 0.11.0)
      hanami-utils (= 1.2.0.beta1)
      rom (~> 3.3, >= 3.3.3)
      rom-repository (~> 1.4)
      rom-sql (~> 1.3, >= 1.3.5)

GIT
  remote: https://github.com/hanami/router.git
  revision: 939e895e3258405063e6fe25ef6b7af60dc73cf0
  branch: develop
  specs:
    hanami-router (1.2.0.beta1)
      hanami-utils (= 1.2.0.beta1)
      http_router (= 0.11.2)
      rack (~> 2.0)

GIT
  remote: https://github.com/hanami/utils.git
  revision: 54ce0fed33d625ec32965ba1d5b16693c7e86a29
  branch: develop
  specs:
    hanami-utils (1.2.0.beta1)
      concurrent-ruby (~> 1.0)
      transproc (~> 1.0)

GIT
  remote: https://github.com/hanami/validations.git
  revision: 14eb364dc5461580a3d84e7298c760e5e2323670
  branch: develop
  specs:
    hanami-validations (1.2.0.beta1)
      dry-validation (~> 0.11)
      hanami-utils (= 1.2.0.beta1)

GIT
  remote: https://github.com/hanami/view.git
  revision: 7ab31f53eec6a49616f53832547f9ea166dc1d61
  branch: develop
  specs:
    hanami-view (1.2.0.beta1)
      hanami-utils (= 1.2.0.beta1)
      tilt (~> 2.0, >= 2.0.1)

GEM
  remote: https://rubygems.org/
  specs:
    addressable (2.5.2)
      public_suffix (>= 2.0.2, < 4.0)
    byebug (10.0.0)
    capybara (2.18.0)
      addressable
      mini_mime (>= 0.1.3)
      nokogiri (>= 1.3.3)
      rack (>= 1.0.0)
      rack-test (>= 0.5.4)
      xpath (>= 2.0, < 4.0)
    concurrent-ruby (1.0.5)
    dotenv (2.2.1)
    dry-configurable (0.7.0)
      concurrent-ruby (~> 1.0)
    dry-container (0.6.0)
      concurrent-ruby (~> 1.0)
      dry-configurable (~> 0.1, >= 0.1.3)
    dry-core (0.4.4)
      concurrent-ruby (~> 1.0)
    dry-equalizer (0.2.0)
    dry-initializer (1.4.1)
    dry-logic (0.4.2)
      dry-container (~> 0.2, >= 0.2.6)
      dry-core (~> 0.2)
      dry-equalizer (~> 0.2)
    dry-struct (0.3.1)
      dry-configurable (~> 0.1)
      dry-core (~> 0.3)
      dry-equalizer (~> 0.2)
      dry-types (~> 0.9, >= 0.9.0)
      ice_nine (~> 0.11)
    dry-types (0.11.1)
      concurrent-ruby (~> 1.0)
      dry-configurable (~> 0.1)
      dry-container (~> 0.3)
      dry-core (~> 0.2, >= 0.2.1)
      dry-equalizer (~> 0.2)
      dry-logic (~> 0.4, >= 0.4.0)
      inflecto (~> 0.0.0, >= 0.0.2)
    dry-validation (0.11.0)
      concurrent-ruby (~> 1.0)
      dry-configurable (~> 0.1, >= 0.1.3)
      dry-core (~> 0.2, >= 0.2.1)
      dry-equalizer (~> 0.2)
      dry-logic (~> 0.4, >= 0.4.0)
      dry-types (~> 0.11.0)
    http_router (0.11.2)
      rack (>= 1.0.0)
      url_mount (~> 0.2.1)
    ice_nine (0.11.2)
    inflecto (0.0.2)
    mail (2.7.0)
      mini_mime (>= 0.1.1)
    mini_mime (1.0.0)
    mini_portile2 (2.3.0)
    minitest (5.11.3)
    nokogiri (1.8.2)
      mini_portile2 (~> 2.3.0)
    public_suffix (3.0.2)
    puma (3.11.2)
    rack (2.0.4)
    rack-test (0.8.2)
      rack (>= 1.0, < 3)
    rake (12.3.0)
    request_via (0.5.1)
    rom (3.3.3)
      concurrent-ruby (~> 1.0)
      dry-core (~> 0.3)
      dry-equalizer (~> 0.2)
      dry-initializer (~> 1.3)
      dry-types (~> 0.9, >= 0.9.4)
      rom-mapper (~> 0.5, >= 0.5.1)
    rom-mapper (0.5.1)
      dry-core (~> 0.2, >= 0.2.3)
      dry-equalizer (~> 0.2)
      transproc (~> 1.0)
    rom-repository (1.4.0)
      dry-core (~> 0.3, >= 0.3.1)
      dry-struct (~> 0.3)
      rom (~> 3.3)
      rom-mapper (~> 0.5)
    rom-sql (1.3.5)
      dry-core (~> 0.3)
      dry-equalizer (~> 0.2)
      dry-types (~> 0.11.0)
      rom (~> 3.2, >= 3.2.2)
      sequel (~> 4.43)
    sequel (4.49.0)
    shotgun (0.9.2)
      rack (>= 1.0)
    sqlite3 (1.3.13)
    tilt (2.0.8)
    transproc (1.0.2)
    url_mount (0.2.1)
      rack
    xpath (3.0.0)
      nokogiri (~> 1.8)

PLATFORMS
  ruby

DEPENDENCIES
  byebug
  capybara
  dotenv (~> 2.0)
  hanami!
  hanami-assets!
  hanami-cli!
  hanami-controller!
  hanami-helpers!
  hanami-mailer!
  hanami-model!
  hanami-router!
  hanami-utils!
  hanami-validations!
  hanami-view!
  minitest
  puma
  rake
  request_via
  shotgun
  sqlite3

BUNDLED WITH
   1.16.1
